GEM
  remote: https://www.rubygems.org/
  specs:
    addressable (2.3.6)
    couchrest (1.2.0)
      mime-types (~> 1.15)
      multi_json (~> 1.0)
      rest-client (~> 1.6.1)
    crack (0.4.2)
      safe_yaml (~> 1.0.0)
    database_cleaner (1.2.0)
    ethon (0.7.0)
      ffi (>= 1.3.0)
    ffi (1.9.3)
    iron_hide (0.3.1)
      json_minify (~> 0.2)
      multi_json
    iron_hide-storage-couchdb_adapter (0.0.1)
      couchrest (~> 1.2)
      multi_json
      typhoeus (~> 0.6.8)
    json_minify (0.2.1)
      multi_json (~> 1)
    mime-types (1.25.1)
    minispec-metadata (2.0.0)
      minitest
    minitest (5.3.3)
    minitest-vcr (0.1.0)
      database_cleaner (>= 1.0.1)
      minispec-metadata (~> 2.0.0)
      minitest (>= 4.7.5)
      vcr (~> 2.8.0)
    multi_json (1.9.2)
    rake (10.2.2)
    rest-client (1.6.7)
      mime-types (>= 1.16)
    safe_yaml (1.0.2)
    typhoeus (0.6.8)
      ethon (>= 0.7.0)
    vcr (2.8.0)
    webmock (1.17.4)
      addressable (>= 2.2.7)
      crack (>= 0.3.2)

PLATFORMS
  ruby

DEPENDENCIES
  iron_hide (~> 0.3)
  iron_hide-storage-couchdb_adapter (~> 0.0.1)
  minitest-vcr
  rake
  vcr
  webmock
