GEM
  remote: https://www.rubygems.org/
  specs:
    iron_hide (0.2.1)
      json_minify (~> 0.2)
      multi_json
    json_minify (0.2.1)
      multi_json (~> 1)
    multi_json (1.9.2)

PLATFORMS
  ruby

DEPENDENCIES
  iron_hide
